GEM
  remote: http://rubygems.org/
  specs:
    addressable (2.2.4)
    faraday (0.5.5)
      addressable (~> 2.2.4)
      multipart-post (~> 1.1.0)
      rack (>= 1.1.0, < 2)
    faraday_middleware (0.3.2)
      faraday (~> 0.5.4)
    git (1.2.5)
    hashie (1.0.0)
    jeweler (1.5.2)
      bundler (~> 1.0.0)
      git (>= 1.2.5)
      rake
    multipart-post (1.1.0)
    rack (1.2.1)
    rake (0.8.7)
    rcov (0.9.9)
    shoulda (2.11.3)

PLATFORMS
  ruby

DEPENDENCIES
  bundler (~> 1.0.0)
  faraday (~> 0.5.3)
  faraday_middleware (~> 0.3.0)
  hashie (~> 1.0.0)
  jeweler (~> 1.5.2)
  rcov
  shoulda
